{
    "TaskName": "rest",
    "Manufacturer": "Elekta",
    "PowerLineFrequency": "n/a",
    "SamplingFrequency": 2034.5100996195154,
    "SoftwareFilters": {
        "SpatialCompensation": {
            "GradientOrder": 0
        }
    },
    "RecordingDuration": 194.76678934850497,
    "RecordingType": "continuous",
    "DewarPosition": "n/a",
    "DigitizedLandmarks": true,
    "DigitizedHeadPoints": false,
    "MEGChannelCount": 243,
    "MEGREFChannelCount": 23,
    "EEGChannelCount": 0,
    "EOGChannelCount": 2,
    "ECGChannelCount": 1,
    "EMGChannelCount": 0,
    "MiscChannelCount": 7,
    "TriggerChannelCount": 2
}
